GEM
  remote: http://rubygems.org/
  specs:
    facets (2.9.3)

PLATFORMS
  java
  ruby

DEPENDENCIES
  facets
